PATH
  remote: /Users/jade/Dropbox/gems/ruhoh
  specs:
    ruhoh (3.0)
      directory_watcher (~> 1.4.0)
      mustache (~> 0.99)
      nokogiri (~> 1.5)
      rack (~> 1.4)
      redcarpet (~> 2.1)
      silly (~> 0)

PATH
  remote: /Users/jade/Dropbox/gems/silly
  specs:
    silly (0.0.2)
      mime-types (~> 2.1)

GEM
  remote: https://rubygems.org/
  specs:
    directory_watcher (1.4.1)
    hike (1.2.1)
    mime-types (2.1)
    mini_portile (0.5.2)
    multi_json (1.8.4)
    mustache (0.99.5)
    nokogiri (1.6.1)
      mini_portile (~> 0.5.0)
    rack (1.5.2)
    redcarpet (2.3.0)
    sass (3.2.5)
    sprockets (2.9.0)
      hike (~> 1.2)
      multi_json (~> 1.0)
      rack (~> 1.0)
      tilt (~> 1.1, != 1.3.0)
    tilt (1.3.6)

PLATFORMS
  ruby

DEPENDENCIES
  ruhoh!
  sass
  silly!
  sprockets (~> 2.9)
